##TITLE=Parameter List
##JCAMPDX=4.24
##DATATYPE=Parameter Values
##ORIGIN=Bruker BioSpin MRI GmbH
##OWNER=IRM
$$ Tue Dec 12 17:02:03 2017 CET (UT+1h)  IRM
$$ /opt/data/IRM/nmr/MF-4cm.KS3/56/pdata/1/reco
##$RECO_mode=FT_MODE
##$RecoAutoDerive=Yes
##$RECO_inp_order=NO_REORDERING
##$RECO_inp_size=( 2 )
256 256
##$RECO_ft_size=( 2 )
256 256
##$RECO_fov=( 2 )
1.75 3.5072
##$RECO_size=( 2 )
256 256
$$ @vis= RECO_mode RecoAutoDerive RECO_inp_order RECO_ft_size RECO_fov
##$RECO_offset=( 2, 1 )
0 0
##$RECO_regrid_mode=NO_REGRID
##$RECO_regrid_offset=0
##$RECO_ramp_gap=0
##$RECO_ramp_time=0
##$RECO_ne_mode=NO_NAV_DATA
##$RECO_ne_dist=NeNoInterleave
##$RECO_ne_dens=NeCorrPerScan
##$RECO_ne_type=NAV_PHASE
##$RECO_ne_vals=( 1, 2 )
0 0
##$RECO_bc_mode=( 2 )
NO_BC NO_BC
##$RECO_bc_start=( 2 )
192 192
##$RECO_bc_len=( 2 )
64 64
##$RECO_dc_offset=( 2 )
0 0
##$RECO_dc_divisor=1
##$RECO_bc_coroff=( 2 )
0 0
##$RECO_qopts=( 2 )
CONJ_AND_QNEG NO_QOPTS
##$RECO_wdw_mode=( 2 )
NO_WDW NO_WDW
$$ @vis= RECO_size RECO_regrid_mode RECO_ne_mode RECO_bc_mode RECO_qopts
##$RECO_lb=( 2 )
-0.5 -0.5
##$RECO_sw=( 2 )
100000 1
##$RECO_gb=( 2 )
0.5 0.5
##$RECO_sbs=( 2 )
1 1
##$RECO_tm1=( 2 )
0.25 0.25
##$RECO_tm2=( 2 )
0.75 0.75
##$RECO_ft_mode=( 2 )
COMPLEX_FFT COMPLEX_FFT
##$RECO_pc_mode=( 2 )
NO_PC NO_PC
##$RECO_pc_lin=( 2 )
(0, 0) (0, 0)
##$RECO_rotate=( 2, 1 )
0 0.5
##$RECO_ppc_mode=NO_PPC
##$RECO_ref_image=0
##$RECO_nr_supports=0.4
##$RECO_sig_threshold=0.15
##$RECO_ppc_degree=1
##$RECO_ppc_coeffs=( 1, 2, 2 )
0 0 0 0
##$RECO_dc_elim=No
$$ @vis= RECO_wdw_mode RECO_ft_mode RECO_pc_mode RECO_rotate RECO_ppc_mode
##$RECO_transposition=( 1 )
1
##$RECO_image_type=MAGNITUDE_IMAGE
##$RECO_image_threshold=0.15
##$RECO_ir_scale=10
##$RECO_wordtype=_16BIT_SGN_INT
##$RECO_map_mode=ABSOLUTE_MAPPING
$$ @vis= RECO_dc_elim RECO_transposition RECO_image_type RECO_wordtype
##$RECO_map_range=( 2 )
-2147483647 2147483647
##$RECO_map_percentile=( 2 )
1 99.999
##$RECO_map_error=0.00025
##$RECO_globex=( 1 )
0
##$RECO_minima=( 1 )
14
##$RECO_maxima=( 1 )
32766
##$RECO_map_min=( 1 )
-481389.048909507
##$RECO_map_max=( 1 )
481389.048909507
$$ @vis= RECO_map_mode RECO_globex RECO_minima RECO_maxima RECO_map_min
##$RECO_map_offset=( 1 )
0
##$RECO_map_slope=( 1 )
0.0680676028132439
##$RECO_byte_order=littleEndian
##$RECO_time=( 24 )
<16:53:26 12 Dec 2017>
##$RECO_abs_time=1513094006
$$ @vis= RECO_map_max RECO_map_offset RECO_map_slope RECO_byte_order RECO_time
##$RECO_base_image_uid=( 65 )
<2.16.756.5.5.100.918645546.20061.1513094521.46>
##$GS_reco_display=Yes
##$GS_image_type=MAGNITUDE_IMAGE
$$ @vis= RECO_abs_time RECO_base_image_uid RecoRegridNGroup GS_reco_display
##$GO_reco_display=Yes
##$GO_reco_each_nr=No
##$GO_max_reco_mem=0
$$ @vis= GS_image_type RECO_GS GO_reco_display GO_reco_each_nr GO_max_reco_mem
$$ @vis= RECO_GO RECO
##END=
