##TITLE=Parameter List
##JCAMPDX=4.24
##DATATYPE=Parameter Values
##ORIGIN=Bruker BioSpin MRI GmbH
##OWNER=IRM
$$ Tue Dec 12 17:02:03 2017 CET (UT+1h)  IRM
$$ /opt/data/IRM/nmr/MF-4cm.KS3/56/acqp
##$PULPROG=( 32 )
<mic_msme.ppg>
##$GRDPROG=( 16 )
<>
##$ACQ_experiment_mode=SingleExperiment
##$ACQ_user_filter=No
##$ACQ_DS_enabled=Yes
##$ACQ_switch_pll_enabled=No
$$ @vis= PULPROG GRDPROG ACQ_experiment_mode ACQ_user_filter ACQ_DS_enabled
##$ACQ_preload=0
##$ACQ_dim=2
##$ACQ_dim_desc=( 2 )
Spatial Spatial
##$ACQ_size=( 2 )
512 256
##$ACQ_ns_list_size=1
$$ @vis= ACQ_switch_pll_enabled ACQ_preload ACQ_dim ACQ_dim_desc ACQ_size
##$ACQ_ns=1
##$ACQ_phase_factor=1
##$ACQ_scan_size=One_scan
##$NI=1
##$NA=1
##$NAE=1
##$NR=1
##$DS=2
$$ @vis= ACQ_ns_list_size ACQ_ns ACQ_phase_factor ACQ_scan_size NI NA NAE NR
##$D=( 64 )
1.98990413905116 0.000369511432845768 4.00000000000018e-05 3e-05 0.0001 
0.000366288941538091 0.000549800961116626 0 1e-05 0.001 1e-05 
0.00092028952827086 0 0 0 0 0 0 0 0 0 0 0 0 0 0 0 0 0 0 0 0 0 0 0 0 0 0 0 0 0 
0 0 0 0 0 0 0 0 0 0 0 0 0 0 0 0 0 0 0 0 0 0 0
##$P=( 64 )
1000 587.591240875912 0 0 0 0 0 0 0 0 0 0 0 0 0 0 0 0 0 0 0 0 0 0 0 0 0 0 0 0 
0 0 0 0 0 0 0 0 0 0 0 0 0 0 0 0 0 0 0 0 0 0 0 0 0 0 0 0 0 0 0 0 0 0
##$PL=( 64 )
0 120 0 0 0 0 0 0 0 0 0 0 0 0 0 0 0 0 0 0 0 0 0 0 0 0 0 0 0 0 0 0 0 0 0 0 0 0 
0 0 0 0 0 0 0 0 0 0 0 0 0 0 0 0 0 0 0 0 0 0 0 0 0 0
##$TPQQ=( 16 )
(<gauss.exc>, 3.59777176416704, 0) (<gauss.rfc>, -5.99999999999997, 0) (<>, 
30, 0) (<>, 30, 0) (<>, 30, 0) (<>, 30, 0) (<>, 30, 0) (<>, 30, 0) (<>, 30, 0)
 (<>, 30, 0) (<>, 30, 0) (<>, 30, 0) (<>, 30, 0) (<>, 30, 0) (<>, 30, 0) (<>, 
30, 0)
##$DPQQ=( 16 )
(<>, 50, 0) (<>, 30, 0) (<>, 30, 0) (<>, 30, 0) (<>, 30, 0) (<>, 30, 0) (<>, 
30, 0) (<>, 30, 0) (<>, 30, 0) (<>, 30, 0) (<>, 30, 0) (<>, 30, 0) (<>, 30, 0)
 (<>, 30, 0) (<>, 30, 0) (<>, 30, 0)
##$SW_h=100000
##$SW=166.629620237163
##$FW=0
##$RG=101
##$AQ_mod=qdig
##$DR=20
##$PAPS=QP
##$PH_ref=0
##$ACQ_BF_enable=Yes
##$BF1=600.133396797465
$$ @vis= DS D P PL TPQQ DPQQ SW_h SW RG AQ_mod DR PAPS PH_ref ACQ_BF_enable
##$SFO1=600.133396797465
##$O1=0
##$ACQ_O1_list_size=1
##$ACQ_O1_list=( 1 )
-21166.5
##$ACQ_O1B_list_size=1
##$ACQ_O1B_list=( 1 )
-2857.14285714285
$$ @vis= BF1 SFO1 O1 ACQ_O1_list_size ACQ_O1_list ACQ_O1B_list_size
##$BF2=600.13406316312
##$SFO2=600.13406316312
##$O2=0
##$ACQ_O2_list_size=1
##$ACQ_O2_list=( 1 )
0
##$BF3=600.13406316312
##$SFO3=600.13406316312
##$O3=0
##$ACQ_O3_list_size=1
$$ @vis= ACQ_O1B_list BF2 SFO2 O2 ACQ_O2_list_size ACQ_O2_list BF3 SFO3 O3
##$ACQ_O3_list=( 1 )
0
##$BF4=600.13406316312
##$SFO4=600.13406316312
##$O4=0
##$BF5=600.13406316312
##$SFO5=600.13406316312
##$O5=0
##$BF6=600.13406316312
##$SFO6=600.13406316312
##$O6=0
##$BF7=600.13406316312
##$SFO7=600.13406316312
$$ @vis= ACQ_O3_list_size ACQ_O3_list BF4 SFO4 O4 BF5 SFO5 O5 BF6 SFO6 O6 BF7
##$O7=0
##$BF8=600.13406316312
##$SFO8=600.13406316312
##$O8=0
##$NUC1=( 8 )
<1H>
##$NUC2=( 8 )
<off>
##$NUC3=( 8 )
<off>
##$NUC4=( 8 )
<off>
##$NUC5=( 8 )
<off>
##$NUC6=( 8 )
<off>
##$NUC7=( 8 )
<off>
##$NUC8=( 8 )
<off>
##$NUCLEUS=( 8 )
<1H>
##$ACQ_coil_config_file=( 512 )
<EDIT_unknown_unknown>
$$ @vis= SFO7 O7 BF8 SFO8 O8 NUC1 NUC2 NUC3 NUC4 NUC5 NUC6 NUC7 NUC8 NUCLEUS
##$ACQ_coils=( 4 )
(<Generic 1H Resonator>, <unknown>, <unknown>, <unknown>, 0, VolumeCoil, 600, 
0, 1, 0) (<>, <>, <>, <>, 0, NoCoil, 0, 0, 0, 0) (<>, <>, <>, <>, 0, NoCoil, 
0, 0, 0, 0) (<>, <>, <>, <>, 0, NoCoil, 0, 0, 0, 0)
##$ACQ_coil_elements=( 1 )
(0, 3, -1, 1, 0, 0, 0, 0, 0, 0, <1H>, 0, noPin, preamp_probe, 1, 0, 0, 
voltageMode, hardwareCoded, -36, 0, 0, 0)
##$ACQ_operation_mode=( 64 )
<[1H] TX/RX Volume>
##$ACQ_Routing=RouteDefinedByCoil
##$L=( 32 )
0 0 256 0 0 0 0 0 0 0 0 0 0 0 0 0 0 0 0 0 0 0 0 0 0 0 0 0 0 0 0 0
##$ACQ_vd_list_size=1
$$ @vis= ACQ_coil_config_file ACQ_coils ACQ_coil_elements ACQ_operation_mode L
##$ACQ_vd_list=( 1 )
9.99999999976353e-07
##$ACQ_vp_list_size=1
##$ACQ_vp_list=( 1 )
1e-06
##$ACQ_status=( 20 )
<S057>
##$ACQ_Routing_base=( 128 )
<1H>
##$ACQ_protocol_location=( 64 )
<B_TEMPLATES>
$$ @vis= ACQ_vd_list_size ACQ_vd_list ACQ_vp_list_size ACQ_vp_list ACQ_status
##$ACQ_protocol_name=( 64 )
<mic_msme(modified)>
##$ACQ_scan_name=( 64 )
<mic_msme(modified)>
##$ACQ_method=( 20 )
<mic_msme>
##$ACQ_completed=Yes
$$ @vis= ACQ_protocol_location ACQ_protocol_name ACQ_scan_name ACQ_method
##$ACQ_pipe_status=Wrapup
##$ACQ_scans_completed=0
##$ACQ_nr_completed=1
##$ACQ_total_completed=256
$$ @vis= ACQ_completed ACQ_pipe_status ACQ_scans_completed ACQ_nr_completed
##$ACQ_word_size=_32_BIT
##$NECHOES=1
##$ACQ_n_echo_images=1
##$ACQ_n_movie_frames=1
$$ @vis= ACQ_total_completed ACQ_word_size NECHOES ACQ_n_echo_images
##$ACQ_echo_descr=( 1, 20 )
<>
##$ACQ_movie_descr=( 1, 20 )
<>
##$ACQ_fov=( 2 )
1.75 3.5072
##$ACQ_read_ext=1
$$ @vis= ACQ_n_movie_frames ACQ_echo_descr ACQ_movie_descr ACQ_fov
##$ACQ_slice_angle=( 1 )
0.0137077838904019
##$ACQ_slice_orient=Arbitrary_Oblique
##$ACQ_patient_pos=Head_Supine
##$ACQ_read_offset=( 1 )
-0.5
$$ @vis= ACQ_read_ext ACQ_slice_angle ACQ_slice_orient ACQ_patient_pos
##$ACQ_phase1_offset=( 1 )
0
##$ACQ_phase2_offset=( 1 )
0
##$ACQ_slice_sepn=( 1 )
0.227
##$ACQ_slice_sepn_mode=Contiguous
$$ @vis= ACQ_read_offset ACQ_phase1_offset ACQ_phase2_offset ACQ_slice_sepn
##$ACQ_slice_thick=0.5
##$ACQ_slice_offset=( 1 )
-5.15
##$ACQ_obj_order=( 1 )
0
##$ACQ_flip_angle=159.663781466629
$$ @vis= ACQ_slice_sepn_mode ACQ_slice_thick ACQ_slice_offset ACQ_obj_order
##$ACQ_flipback=No
##$ACQ_echo_time=( 1 )
5.97977104618535
##$ACQ_inter_echo_time=( 1 )
5.97977104618535
##$ACQ_recov_time=( 1 )
1999
$$ @vis= ACQ_flip_angle ACQ_flipback ACQ_echo_time ACQ_inter_echo_time
##$ACQ_repetition_time=( 1 )
2000
##$ACQ_scan_time=0
##$ACQ_inversion_time=( 1 )
0
##$ACQ_temporal_delay=( 1 )
0
$$ @vis= ACQ_recov_time ACQ_repetition_time ACQ_scan_time ACQ_inversion_time
##$ACQ_time=( 24 )
<16:53:26 12 Dec 2017>
##$ACQ_abs_time=1513094006
##$ACQ_operator=( 16 )
<IRM>
##$ACQ_RF_power=0
##$ACQ_transmitter_coil=( 16 )
<>
$$ @vis= ACQ_temporal_delay ACQ_time ACQ_abs_time ACQ_operator ACQ_RF_power
##$ACQ_contrast_agent=( 20 )
<>
##$ACQ_trigger_enable=No
##$ACQ_trigger_reference=( 16 )
< >
$$ @vis= ACQ_transmitter_coil ACQ_contrast_agent ACQ_trigger_enable
##$ACQ_trigger_delay=1
##$ACQ_institution=( 48 )
<Univ Nancy>
##$ACQ_station=( 64 )
<spect>
##$ACQ_sw_version=( 65 )
<PV 5.1>
$$ @vis= ACQ_trigger_reference ACQ_trigger_delay ACQ_institution ACQ_station
##$ACQ_calib_date=( 24 )
<10:11:33 11 Dec 2017>
##$ACQ_grad_str_X=0
##$ACQ_grad_str_Y=0
##$ACQ_grad_str_Z=0
$$ @vis= ACQ_sw_version ACQ_calib_date ACQ_grad_str_X ACQ_grad_str_Y
##$ACQ_position_X=0
##$ACQ_position_Y=0
##$ACQ_position_Z=0
##$BYTORDA=little
##$INSTRUM=( 64 )
<spect>
$$ @vis= ACQ_grad_str_Z ACQ_position_X ACQ_position_Y ACQ_position_Z BYTORDA
##$ACQ_fit_function_name=( 32 )
<t2vtr>
##$ACQ_adc_overflow=( 2 )
No No
##$GRPDLY=68.003173828125
##$FRQLO3=0
##$FQ1LIST=( 16 )
<ACQ_O1_list>
$$ @vis= INSTRUM ACQ_fit_function_name ACQ_adc_overflow GRPDLY FRQLO3 ACQ_INFO
##$FQ2LIST=( 16 )
<ACQ_O2_list>
##$FQ3LIST=( 16 )
<ACQ_O3_list>
##$FQ8LIST=( 16 )
<ACQ_O1B_list>
##$SP=( 32 )
3.59777176416704 -5.99999999999997 30 30 30 30 30 30 50 30 30 30 30 30 30 30 
30 30 30 30 30 30 30 30 30 30 30 30 30 30 30 30
##$SPOFFS=( 32 )
0 0 0 0 0 0 0 0 0 0 0 0 0 0 0 0 0 0 0 0 0 0 0 0 0 0 0 0 0 0 0 0
##$SPNAM0=( 16 )
<gauss.exc>
##$SPNAM1=( 16 )
<gauss.rfc>
##$SPNAM2=( 16 )
<>
##$SPNAM3=( 16 )
<>
##$SPNAM4=( 16 )
<>
$$ @vis= FQ1LIST FQ2LIST FQ3LIST FQ8LIST SP SPOFFS SPNAM0 SPNAM1 SPNAM2 SPNAM3
##$SPNAM5=( 16 )
<>
##$SPNAM6=( 16 )
<>
##$SPNAM7=( 16 )
<>
##$SPNAM8=( 16 )
<>
##$SPNAM9=( 16 )
<>
##$SPNAM10=( 16 )
<>
##$SPNAM11=( 16 )
<>
##$SPNAM12=( 16 )
<>
##$SPNAM13=( 16 )
<>
$$ @vis= SPNAM4 SPNAM5 SPNAM6 SPNAM7 SPNAM8 SPNAM9 SPNAM10 SPNAM11 SPNAM12
##$SPNAM14=( 16 )
<>
##$SPNAM15=( 16 )
<>
##$HPPRGN=normal
##$LOCNUC=( 8 )
<off>
##$QNP=1
##$SOLVENT=( 16 )
<>
##$DIGMOD=digital_mode
##$DIGTYP=DRU
##$DQDMODE=DQDMODE_add
$$ @vis= SPNAM13 SPNAM14 SPNAM15 HPPRGN LOCNUC QNP SOLVENT HIRES DIGMOD DIGTYP
##$DSPFIRM=DSP_standard
##$DECIM=200
##$DSPFVS=20
##$ACQ_scan_shift=-136
##$DEOSC=3329.80096111663
##$DE=6
##$FCUCHAN=( 10 )
0 2 0 0 0 0 0 0 0 0
##$RSEL=( 10 )
0 0 5 0 0 0 0 0 0 0
##$SWIBOX=( 16 )
0 0 0 0 0 5 0 0 0 0 0 0 0 0 0 0
$$ @vis= DQDMODE DSPFIRM DECIM DSPFVS ACQ_scan_shift DEOSC DE FCUCHAN RSEL
##$POWMOD=LOW
##$HPMOD=( 8 )
0 0 0 0 0 0 0 0
##$PRECHAN=( 16 )
-1 6 -1 -1 0 1 -1 -1 -1 5 -1 -1 -1 -1 -1 -1
##$OBSCHAN=( 10 )
0 1 0 0 0 0 0 0 0 0
##$RECCHAN=( 16 )
0 2 0 0 0 0 0 0 0 0 0 0 0 0 0 0
##$RECSEL=( 16 )
0 1 2 0 0 0 0 0 0 0 0 0 0 0 0 0
##$RECPRE=( 16 )
-1 -1 1 -1 -1 -1 -1 -1 -1 -1 -1 -1 -1 -1 -1 -1
##$NLOGCH=0
$$ @vis= SWIBOX POWMOD HPMOD PRECHAN OBSCHAN RECCHAN RECSEL RECPRE NLOGCH
##$ACQ_n_trim=10
##$ACQ_trim=( 10, 3 )
21.0809230469371 21.0809230469371 21.0809230469371 -11.3639387198899 
-11.3639387198899 -11.3639387198899 21.0809230469371 21.0809230469371 
21.0809230469371 33 33 33 57.7350269189626 57.7350269189626 57.7350269189626 
29.3095906109657 29.3095906109657 29.3095906109657 28.8082507721785 
28.8082507721785 28.8082507721785 -57.7350269189626 -57.7350269189626 
-57.7350269189626 -28.8082507721785 -28.8082507721785 -28.8082507721785 
57.7350269189626 57.7350269189626 57.7350269189626
##$ACQ_scaling_read=1
##$ACQ_scaling_phase=1
$$ @vis= AVANCE_PARS ACQ_n_trim ACQ_trim ACQ_trim_values ACQ_scaling_read
##$ACQ_scaling_slice=1
##$ACQ_grad_matrix=( 1, 3, 3 )
4.32963728535968e-17 4.32963728535968e-17 1 0.707106781186548 
0.707106781186547 -6.12303176911189e-17 -0.707106781186547 0.707106781186548 
0
##$NSLICES=1
##$ACQ_rare_factor=1
$$ @vis= ACQ_scaling_phase ACQ_scaling_slice ACQ_grad_matrix NSLICES
##$ACQ_phase_encoding_mode=( 2 )
Read User_Defined_Encoding
##$ACQ_phase_enc_start=( 2 )
-1 -1
##$ACQ_spatial_size_1=256
$$ @vis= ACQ_rare_factor ACQ_phase_encoding_mode ACQ_phase_enc_start
##$ACQ_spatial_phase_1=( 256 )
-1 -0.9921875 -0.984375 -0.9765625 -0.96875 -0.9609375 -0.953125 -0.9453125 
-0.9375 -0.9296875 -0.921875 -0.9140625 -0.90625 -0.8984375 -0.890625 
-0.8828125 -0.875 -0.8671875 -0.859375 -0.8515625 -0.84375 -0.8359375 
-0.828125 -0.8203125 -0.8125 -0.8046875 -0.796875 -0.7890625 -0.78125 
-0.7734375 -0.765625 -0.7578125 -0.75 -0.7421875 -0.734375 -0.7265625 
-0.71875 -0.7109375 -0.703125 -0.6953125 -0.6875 -0.6796875 -0.671875 
-0.6640625 -0.65625 -0.6484375 -0.640625 -0.6328125 -0.625 -0.6171875 
-0.609375 -0.6015625 -0.59375 -0.5859375 -0.578125 -0.5703125 -0.5625 
-0.5546875 -0.546875 -0.5390625 -0.53125 -0.5234375 -0.515625 -0.5078125 -0.5 
-0.4921875 -0.484375 -0.4765625 -0.46875 -0.4609375 -0.453125 -0.4453125 
-0.4375 -0.4296875 -0.421875 -0.4140625 -0.40625 -0.3984375 -0.390625 
-0.3828125 -0.375 -0.3671875 -0.359375 -0.3515625 -0.34375 -0.3359375 
-0.328125 -0.3203125 -0.3125 -0.3046875 -0.296875 -0.2890625 -0.28125 
-0.2734375 -0.265625 -0.2578125 -0.25 -0.2421875 -0.234375 -0.2265625 
-0.21875 -0.2109375 -0.203125 -0.1953125 -0.1875 -0.1796875 -0.171875 
-0.1640625 -0.15625 -0.1484375 -0.140625 -0.1328125 -0.125 -0.1171875 
-0.109375 -0.1015625 -0.09375 -0.0859375 -0.078125 -0.0703125 -0.0625 
-0.0546875 -0.046875 -0.0390625 -0.03125 -0.0234375 -0.015625 -0.0078125 0 
0.0078125 0.015625 0.0234375 0.03125 0.0390625 0.046875 0.0546875 0.0625 
0.0703125 0.078125 0.0859375 0.09375 0.1015625 0.109375 0.1171875 0.125 
0.1328125 0.140625 0.1484375 0.15625 0.1640625 0.171875 0.1796875 0.1875 
0.1953125 0.203125 0.2109375 0.21875 0.2265625 0.234375 0.2421875 0.25 
0.2578125 0.265625 0.2734375 0.28125 0.2890625 0.296875 0.3046875 0.3125 
0.3203125 0.328125 0.3359375 0.34375 0.3515625 0.359375 0.3671875 0.375 
0.3828125 0.390625 0.3984375 0.40625 0.4140625 0.421875 0.4296875 0.4375 
0.4453125 0.453125 0.4609375 0.46875 0.4765625 0.484375 0.4921875 0.5 
0.5078125 0.515625 0.5234375 0.53125 0.5390625 0.546875 0.5546875 0.5625 
0.5703125 0.578125 0.5859375 0.59375 0.6015625 0.609375 0.6171875 0.625 
0.6328125 0.640625 0.6484375 0.65625 0.6640625 0.671875 0.6796875 0.6875 
0.6953125 0.703125 0.7109375 0.71875 0.7265625 0.734375 0.7421875 0.75 
0.7578125 0.765625 0.7734375 0.78125 0.7890625 0.796875 0.8046875 0.8125 
0.8203125 0.828125 0.8359375 0.84375 0.8515625 0.859375 0.8671875 0.875 
0.8828125 0.890625 0.8984375 0.90625 0.9140625 0.921875 0.9296875 0.9375 
0.9453125 0.953125 0.9609375 0.96875 0.9765625 0.984375 0.9921875
##$ACQ_spatial_size_2=128
##$ACQ_spatial_phase_2=( 128 )
-1 -0.984375 -0.96875 -0.953125 -0.9375 -0.921875 -0.90625 -0.890625 -0.875 
-0.859375 -0.84375 -0.828125 -0.8125 -0.796875 -0.78125 -0.765625 -0.75 
-0.734375 -0.71875 -0.703125 -0.6875 -0.671875 -0.65625 -0.640625 -0.625 
-0.609375 -0.59375 -0.578125 -0.5625 -0.546875 -0.53125 -0.515625 -0.5 
-0.484375 -0.46875 -0.453125 -0.4375 -0.421875 -0.40625 -0.390625 -0.375 
-0.359375 -0.34375 -0.328125 -0.3125 -0.296875 -0.28125 -0.265625 -0.25 
-0.234375 -0.21875 -0.203125 -0.1875 -0.171875 -0.15625 -0.140625 -0.125 
-0.109375 -0.09375 -0.078125 -0.0625 -0.046875 -0.03125 -0.015625 0 0.015625 
0.03125 0.046875 0.0625 0.078125 0.09375 0.109375 0.125 0.140625 0.15625 
0.171875 0.1875 0.203125 0.21875 0.234375 0.25 0.265625 0.28125 0.296875 
0.3125 0.328125 0.34375 0.359375 0.375 0.390625 0.40625 0.421875 0.4375 
0.453125 0.46875 0.484375 0.5 0.515625 0.53125 0.546875 0.5625 0.578125 
0.59375 0.609375 0.625 0.640625 0.65625 0.671875 0.6875 0.703125 0.71875 
0.734375 0.75 0.765625 0.78125 0.796875 0.8125 0.828125 0.84375 0.859375 
0.875 0.890625 0.90625 0.921875 0.9375 0.953125 0.96875 0.984375
$$ @vis= ACQ_spatial_size_1 ACQ_spatial_phase_1 ACQ_spatial_size_2
##$GS_dim=1
##$GS_disp_update=Each_Accum
##$GS_online_reco=Yes
##$GS_reco_display=Yes
$$ @vis= ACQ_spatial_phase_2 GRAD_PARS GS_dim GS_disp_update GS_online_reco
##$GS_image_type=MAGNITUDE_IMAGE
##$GS_typ=Spectrometer_Parameters
##$GS_info_dig_filling=Yes
##$GS_info_normalized_area=No_info
$$ @vis= GS_reco_display GS_image_type GS_typ GS_info_dig_filling
##$GS_info_max_point=No_info
##$GS_get_info_points=No_info
##$GS_continue=Exit_gsauto
$$ @vis= GS_info_normalized_area GS_info_max_point GS_get_info_points
##$GO_init_files=No
##$GO_data_save=Yes
##$GO_block_size=Standard_KBlock_Format
##$GO_raw_data_format=GO_32BIT_SGN_INT
$$ @vis= GS_continue GS GO_init_files GO_data_save GO_block_size
##$GO_disp_update=Each_Accum
##$GO_online_reco=Yes
##$GO_reco_display=Yes
##$GO_reco_each_nr=No
$$ @vis= GO_raw_data_format GO_disp_update GO_online_reco GO_reco_display
##$GO_max_reco_mem=0
##$GO_time_est=Yes
##$GO_use_macro=No
##$GO_macro=( 4096 )
<>
$$ @vis= GO_reco_each_nr GO_max_reco_mem GO_time_est GO_use_macro GO ACQP
##END=
